GEM
  remote: https://rubygems.org/
  specs:
    colorize (0.8.1)
    minitest (5.10.2)
    net-scp (1.2.1)
      net-ssh (>= 2.6.5)
    net-ssh (4.1.0)
    rake (12.0.0)

PLATFORMS
  ruby

DEPENDENCIES
  colorize (>= 0.8.1)!
  minitest (>= 5.10.2)!
  net-scp (>= 1.2.1)!
  net-ssh (>= 4.1.0)!
  rake!

BUNDLED WITH
   1.15.1
